GEM
  remote: https://rubygems.org/
  specs:
    rake (11.2.2)

PLATFORMS
  ruby

DEPENDENCIES
  rake

RUBY VERSION
   ruby 2.3.1p112

BUNDLED WITH
   1.12.5
